PATH
  remote: .
  specs:
    paypalr-recurring (1.1.0)

GEM
  remote: http://rubygems.org/
  specs:
    activesupport (3.2.3)
      i18n (~> 0.6)
      multi_json (~> 1.0)
    awesome_print (1.0.2)
    coderay (1.0.6)
    diff-lcs (1.1.3)
    fakeweb (1.3.0)
    i18n (0.6.0)
    method_source (0.7.1)
    multi_json (1.3.2)
    pry (0.9.9.3)
      coderay (~> 1.0.5)
      method_source (~> 0.7.1)
      slop (>= 2.4.4, < 3)
    rake (0.9.2.2)
    rspec (2.10.0)
      rspec-core (~> 2.10.0)
      rspec-expectations (~> 2.10.0)
      rspec-mocks (~> 2.10.0)
    rspec-core (2.10.1)
    rspec-expectations (2.10.0)
      diff-lcs (~> 1.1.3)
    rspec-mocks (2.10.1)
    slop (2.4.4)
    vcr (2.1.0)

PLATFORMS
  ruby

DEPENDENCIES
  activesupport
  awesome_print
  fakeweb
  paypalr-recurring!
  pry
  rake
  rspec
  vcr
